GIT
  remote: git://github.com/Agiley/faraday_middleware.git
  revision: 74c3f07e5a24c4341245eff5ea25e42127bcd359
  specs:
    faraday_middleware (0.9.1)
      faraday (>= 0.7.4, < 0.9)

GIT
  remote: git://github.com/darzuaga/rubyretriever.git
  revision: ccb80b02e908f0f7517a6e6932835aa760964b45
  branch: master
  specs:
    rubyretriever (1.3.0)
      addressable
      bloomfilter-rb
      em-http-request
      em-synchrony
      htmlentities
      ruby-progressbar

GEM
  remote: https://rubygems.org/
  remote: https://code.stripe.com/
  specs:
    actionmailer (4.2.0)
      actionpack (= 4.2.0)
      actionview (= 4.2.0)
      activejob (= 4.2.0)
      mail (~> 2.5, >= 2.5.4)
      rails-dom-testing (~> 1.0, >= 1.0.5)
    actionpack (4.2.0)
      actionview (= 4.2.0)
      activesupport (= 4.2.0)
      rack (~> 1.6.0)
      rack-test (~> 0.6.2)
      rails-dom-testing (~> 1.0, >= 1.0.5)
      rails-html-sanitizer (~> 1.0, >= 1.0.1)
    actionview (4.2.0)
      activesupport (= 4.2.0)
      builder (~> 3.1)
      erubis (~> 2.7.0)
      rails-dom-testing (~> 1.0, >= 1.0.5)
      rails-html-sanitizer (~> 1.0, >= 1.0.1)
    activejob (4.2.0)
      activesupport (= 4.2.0)
      globalid (>= 0.3.0)
    activemodel (4.2.0)
      activesupport (= 4.2.0)
      builder (~> 3.1)
    activerecord (4.2.0)
      activemodel (= 4.2.0)
      activesupport (= 4.2.0)
      arel (~> 6.0)
    activesupport (4.2.0)
      i18n (~> 0.7)
      json (~> 1.7, >= 1.7.7)
      minitest (~> 5.1)
      thread_safe (~> 0.3, >= 0.3.4)
      tzinfo (~> 1.1)
    addressable (2.3.6)
    aggregate (0.2.2)
    arel (6.0.0)
    autoprefixer-rails (4.0.2.2)
      execjs
    bcrypt (3.1.9)
    bloomfilter-rb (2.1.1)
      redis
    bootstrap-sass (3.3.1.0)
      sass (~> 3.2)
    builder (3.2.2)
    celluloid (0.16.0)
      timers (~> 4.0.0)
    coffee-rails (4.0.1)
      coffee-script (>= 2.2.0)
      railties (>= 4.0.0, < 5.0)
    coffee-script (2.3.0)
      coffee-script-source
      execjs
    coffee-script-source (1.8.0)
    connection_pool (2.1.0)
    cookiejar (0.3.2)
    css_parser (1.3.6)
      addressable
    daemon_controller (1.2.0)
    domainatrix (0.0.11)
      addressable
    dotenv (1.0.2)
    em-http-request (1.1.2)
      addressable (>= 2.3.4)
      cookiejar
      em-socksify (>= 0.3)
      eventmachine (>= 1.0.3)
      http_parser.rb (>= 0.6.0)
    em-socksify (0.3.0)
      eventmachine (>= 1.0.0.beta.4)
    em-synchrony (1.0.3)
      eventmachine (>= 1.0.0.beta.1)
    erubis (2.7.0)
    ethon (0.7.2)
      ffi (>= 1.3.0)
    eventmachine (1.0.4)
    excon (0.43.0)
    execjs (2.2.2)
    faraday (0.8.9)
      multipart-post (~> 1.2.0)
    ffi (1.9.6)
    figaro (1.0.0)
      thor (~> 0.14)
    foreman (0.77.0)
      dotenv (~> 1.0.2)
      thor (~> 0.19.1)
    globalid (0.3.0)
      activesupport (>= 4.1.0)
    hash-deep-merge (0.1.1)
    heroics (0.0.12)
      erubis (~> 2.7.0)
      excon
      moneta
      multi_json (>= 1.9.2)
      netrc
    hike (1.2.3)
    hitimes (1.2.2)
    htmlentities (4.3.3)
    http_parser.rb (0.6.0)
    i18n (0.7.0)
    jbuilder (2.2.6)
      activesupport (>= 3.0.0, < 5)
      multi_json (~> 1.2)
    jquery-rails (4.0.3)
      rails-dom-testing (~> 1.0)
      railties (>= 4.2.0)
      thor (>= 0.14, < 2.0)
    json (1.8.1)
    lazy_high_charts (1.5.4)
      bundler (>= 1.0)
      hash-deep-merge
    librato-metrics (1.5.0)
      aggregate (~> 0.2.2)
      faraday (~> 0.7)
      multi_json
    linkscape (0.3.2)
      ruby-hmac
    loofah (2.0.1)
      nokogiri (>= 1.5.9)
    mail (2.6.3)
      mime-types (>= 1.16, < 3)
    majestic_seo_api (1.2.7)
      faraday (>= 0.8.7)
      nokogiri (>= 1.5.9)
    mime-types (2.4.3)
    mini_portile (0.6.2)
    minitest (5.5.0)
    moneta (0.8.0)
    multi_json (1.10.1)
    multipart-post (1.2.0)
    netrc (0.10.2)
    nokogiri (1.6.5)
      mini_portile (~> 0.6.0)
    passenger (4.0.57)
      daemon_controller (>= 1.2.0)
      rack
      rake (>= 0.8.1)
    pg (0.18.0)
    platform-api (0.2.0)
      heroics (~> 0.0.10)
    premailer (1.8.2)
      css_parser (>= 1.3.5)
      htmlentities (>= 4.0.0)
    premailer-rails (1.8.0)
      actionmailer (>= 3, < 5)
      premailer (~> 1.7, >= 1.7.9)
    rack (1.6.0)
    rack-protection (1.5.3)
      rack
    rack-test (0.6.2)
      rack (>= 1.0)
    rails (4.2.0)
      actionmailer (= 4.2.0)
      actionpack (= 4.2.0)
      actionview (= 4.2.0)
      activejob (= 4.2.0)
      activemodel (= 4.2.0)
      activerecord (= 4.2.0)
      activesupport (= 4.2.0)
      bundler (>= 1.3.0, < 2.0)
      railties (= 4.2.0)
      sprockets-rails
    rails-deprecated_sanitizer (1.0.3)
      activesupport (>= 4.2.0.alpha)
    rails-dom-testing (1.0.5)
      activesupport (>= 4.2.0.beta, < 5.0)
      nokogiri (~> 1.6.0)
      rails-deprecated_sanitizer (>= 1.0.1)
    rails-html-sanitizer (1.0.1)
      loofah (~> 2.0)
    rails_12factor (0.0.3)
      rails_serve_static_assets
      rails_stdout_logging
    rails_serve_static_assets (0.0.3)
    rails_stdout_logging (0.0.3)
    railties (4.2.0)
      actionpack (= 4.2.0)
      activesupport (= 4.2.0)
      rake (>= 0.8.7)
      thor (>= 0.18.1, < 2.0)
    rake (10.4.2)
    rdoc (4.2.0)
      json (~> 1.4)
    redis (3.2.0)
    redis-namespace (1.5.1)
      redis (~> 3.0, >= 3.0.4)
    rest-client (1.7.2)
      mime-types (>= 1.16, < 3.0)
      netrc (~> 0.7)
    ruby-hmac (0.4.0)
    ruby-progressbar (1.7.1)
    sass (3.2.19)
    sass-rails (4.0.5)
      railties (>= 4.0.0, < 5.0)
      sass (~> 3.2.2)
      sprockets (~> 2.8, < 3.0)
      sprockets-rails (~> 2.0)
    sdoc (0.4.1)
      json (~> 1.7, >= 1.7.7)
      rdoc (~> 4.0)
    select2-rails (3.5.9.2)
      thor (~> 0.14)
    sidekiq (3.3.0)
      celluloid (>= 0.16.0)
      connection_pool (>= 2.0.0)
      json
      redis (>= 3.0.6)
      redis-namespace (>= 1.3.1)
    sidekiq-pro (1.9.2)
      sidekiq (>= 3.2.3)
    sinatra (1.4.5)
      rack (~> 1.4)
      rack-protection (~> 1.4)
      tilt (~> 1.3, >= 1.3.4)
    slim (3.0.1)
      temple (~> 0.7.3)
      tilt (>= 1.3.3, < 2.1)
    spring (1.2.0)
    sprockets (2.12.3)
      hike (~> 1.2)
      multi_json (~> 1.0)
      rack (~> 1.0)
      tilt (~> 1.1, != 1.3.0)
    sprockets-rails (2.2.2)
      actionpack (>= 3.0)
      activesupport (>= 3.0)
      sprockets (>= 2.8, < 4.0)
    stripe (1.18.0)
      json (~> 1.8.1)
      mime-types (>= 1.25, < 3.0)
      rest-client (~> 1.4)
    temple (0.7.4)
    thor (0.19.1)
    thread_safe (0.3.4)
    tilt (1.4.1)
    timers (4.0.1)
      hitimes
    turbolinks (2.5.3)
      coffee-rails
    typhoeus (0.6.9)
      ethon (>= 0.7.1)
    tzinfo (1.2.2)
      thread_safe (~> 0.1)
    uglifier (2.6.1)
      execjs (>= 0.3.0)
      json (>= 1.8.0)
    unirest (1.0.8)
      addressable
      json
      rest-client
    will_paginate (3.0.7)
    will_paginate-bootstrap (1.0.1)
      will_paginate (>= 3.0.3)

PLATFORMS
  ruby

DEPENDENCIES
  autoprefixer-rails
  bcrypt (~> 3.1.7)
  bootstrap-sass (~> 3.3.1)
  coffee-rails (~> 4.0.0)
  domainatrix
  faraday_middleware!
  figaro
  foreman
  jbuilder (~> 2.0)
  jquery-rails
  lazy_high_charts
  librato-metrics
  linkscape
  majestic_seo_api
  nokogiri
  passenger (= 4.0.57)
  pg
  platform-api
  premailer-rails
  rails
  rails_12factor
  rest-client
  rubyretriever!
  sass-rails (~> 4.0.3)
  sdoc (~> 0.4.0)
  select2-rails
  sidekiq-pro
  sinatra
  slim
  spring
  stripe!
  turbolinks
  typhoeus
  uglifier (>= 1.3.0)
  unirest
  will_paginate (~> 3.0.6)
  will_paginate-bootstrap
