GIT
  remote: git://github.com/darzuaga/rubyretriever.git
  revision: ccb80b02e908f0f7517a6e6932835aa760964b45
  branch: master
  specs:
    rubyretriever (1.3.0)
      addressable
      bloomfilter-rb
      em-http-request
      em-synchrony
      htmlentities
      ruby-progressbar

GIT
  remote: https://github.com/mperham/sidekiq.git
  revision: c90c6c357cb6a959424e4a398261b6d51bc949e2
  specs:
    sidekiq (3.3.0)
      celluloid (>= 0.16.0)
      connection_pool (>= 2.0.0)
      json
      redis (>= 3.0.6)
      redis-namespace (>= 1.3.1)

GEM
  remote: https://rubygems.org/
  specs:
    actionmailer (4.2.0)
      actionpack (= 4.2.0)
      actionview (= 4.2.0)
      activejob (= 4.2.0)
      mail (~> 2.5, >= 2.5.4)
      rails-dom-testing (~> 1.0, >= 1.0.5)
    actionpack (4.2.0)
      actionview (= 4.2.0)
      activesupport (= 4.2.0)
      rack (~> 1.6.0)
      rack-test (~> 0.6.2)
      rails-dom-testing (~> 1.0, >= 1.0.5)
      rails-html-sanitizer (~> 1.0, >= 1.0.1)
    actionview (4.2.0)
      activesupport (= 4.2.0)
      builder (~> 3.1)
      erubis (~> 2.7.0)
      rails-dom-testing (~> 1.0, >= 1.0.5)
      rails-html-sanitizer (~> 1.0, >= 1.0.1)
    activejob (4.2.0)
      activesupport (= 4.2.0)
      globalid (>= 0.3.0)
    activemodel (4.2.0)
      activesupport (= 4.2.0)
      builder (~> 3.1)
    activerecord (4.2.0)
      activemodel (= 4.2.0)
      activesupport (= 4.2.0)
      arel (~> 6.0)
    activesupport (4.2.0)
      i18n (~> 0.7)
      json (~> 1.7, >= 1.7.7)
      minitest (~> 5.1)
      thread_safe (~> 0.3, >= 0.3.4)
      tzinfo (~> 1.1)
    addressable (2.3.6)
    arel (6.0.0)
    autoprefixer-rails (4.0.2.2)
      execjs
    bloomfilter-rb (2.1.1)
      redis
    bootstrap-sass (3.3.1.0)
      sass (~> 3.2)
    builder (3.2.2)
    celluloid (0.16.0)
      timers (~> 4.0.0)
    coffee-rails (4.0.1)
      coffee-script (>= 2.2.0)
      railties (>= 4.0.0, < 5.0)
    coffee-script (2.3.0)
      coffee-script-source
      execjs
    coffee-script-source (1.8.0)
    connection_pool (2.1.0)
    cookiejar (0.3.2)
    daemon_controller (1.2.0)
    domainatrix (0.0.11)
      addressable
    dotenv (1.0.2)
    em-http-request (1.1.2)
      addressable (>= 2.3.4)
      cookiejar
      em-socksify (>= 0.3)
      eventmachine (>= 1.0.3)
      http_parser.rb (>= 0.6.0)
    em-socksify (0.3.0)
      eventmachine (>= 1.0.0.beta.4)
    em-synchrony (1.0.3)
      eventmachine (>= 1.0.0.beta.1)
    erubis (2.7.0)
    ethon (0.7.2)
      ffi (>= 1.3.0)
    eventmachine (1.0.4)
    execjs (2.2.2)
    ffi (1.9.6)
    foreman (0.77.0)
      dotenv (~> 1.0.2)
      thor (~> 0.19.1)
    globalid (0.3.0)
      activesupport (>= 4.1.0)
    hash-deep-merge (0.1.1)
    hike (1.2.3)
    hitimes (1.2.2)
    htmlentities (4.3.3)
    http_parser.rb (0.6.0)
    httparty (0.13.3)
      json (~> 1.8)
      multi_xml (>= 0.5.2)
    i18n (0.7.0)
    jbuilder (2.2.6)
      activesupport (>= 3.0.0, < 5)
      multi_json (~> 1.2)
    jquery-rails (4.0.3)
      rails-dom-testing (~> 1.0)
      railties (>= 4.2.0)
      thor (>= 0.14, < 2.0)
    json (1.8.1)
    lazy_high_charts (1.5.4)
      bundler (>= 1.0)
      hash-deep-merge
    loofah (2.0.1)
      nokogiri (>= 1.5.9)
    mail (2.6.3)
      mime-types (>= 1.16, < 3)
    mime-types (2.4.3)
    mini_portile (0.6.2)
    minitest (5.5.0)
    multi_json (1.10.1)
    multi_xml (0.5.5)
    namecheap (0.3.0)
      activesupport (>= 3.0.0)
      httparty
    nokogiri (1.6.5)
      mini_portile (~> 0.6.0)
    passenger (5.0.0.beta2)
      daemon_controller (>= 1.2.0)
      rack
      rake (>= 0.8.1)
    pg (0.18.0)
    rack (1.6.0)
    rack-protection (1.5.3)
      rack
    rack-test (0.6.2)
      rack (>= 1.0)
    rails (4.2.0)
      actionmailer (= 4.2.0)
      actionpack (= 4.2.0)
      actionview (= 4.2.0)
      activejob (= 4.2.0)
      activemodel (= 4.2.0)
      activerecord (= 4.2.0)
      activesupport (= 4.2.0)
      bundler (>= 1.3.0, < 2.0)
      railties (= 4.2.0)
      sprockets-rails
    rails-deprecated_sanitizer (1.0.3)
      activesupport (>= 4.2.0.alpha)
    rails-dom-testing (1.0.5)
      activesupport (>= 4.2.0.beta, < 5.0)
      nokogiri (~> 1.6.0)
      rails-deprecated_sanitizer (>= 1.0.1)
    rails-html-sanitizer (1.0.1)
      loofah (~> 2.0)
    rails_12factor (0.0.3)
      rails_serve_static_assets
      rails_stdout_logging
    rails_serve_static_assets (0.0.3)
    rails_stdout_logging (0.0.3)
    railties (4.2.0)
      actionpack (= 4.2.0)
      activesupport (= 4.2.0)
      rake (>= 0.8.7)
      thor (>= 0.18.1, < 2.0)
    rake (10.4.2)
    rdoc (4.2.0)
      json (~> 1.4)
    redis (3.2.0)
    redis-namespace (1.5.1)
      redis (~> 3.0, >= 3.0.4)
    ruby-progressbar (1.7.1)
    sass (3.2.19)
    sass-rails (4.0.5)
      railties (>= 4.0.0, < 5.0)
      sass (~> 3.2.2)
      sprockets (~> 2.8, < 3.0)
      sprockets-rails (~> 2.0)
    sdoc (0.4.1)
      json (~> 1.7, >= 1.7.7)
      rdoc (~> 4.0)
    sinatra (1.4.5)
      rack (~> 1.4)
      rack-protection (~> 1.4)
      tilt (~> 1.3, >= 1.3.4)
    slim (3.0.1)
      temple (~> 0.7.3)
      tilt (>= 1.3.3, < 2.1)
    spring (1.2.0)
    sprockets (2.12.3)
      hike (~> 1.2)
      multi_json (~> 1.0)
      rack (~> 1.0)
      tilt (~> 1.1, != 1.3.0)
    sprockets-rails (2.2.2)
      actionpack (>= 3.0)
      activesupport (>= 3.0)
      sprockets (>= 2.8, < 4.0)
    temple (0.7.4)
    thor (0.19.1)
    thread_safe (0.3.4)
    tilt (1.4.1)
    timers (4.0.1)
      hitimes
    turbolinks (2.5.3)
      coffee-rails
    typhoeus (0.6.9)
      ethon (>= 0.7.1)
    tzinfo (1.2.2)
      thread_safe (~> 0.1)
    uglifier (2.6.1)
      execjs (>= 0.3.0)
      json (>= 1.8.0)

PLATFORMS
  ruby

DEPENDENCIES
  autoprefixer-rails
  bootstrap-sass (~> 3.3.1)
  coffee-rails (~> 4.0.0)
  domainatrix
  foreman
  jbuilder (~> 2.0)
  jquery-rails
  lazy_high_charts
  namecheap
  nokogiri
  passenger (>= 5.0.0.beta2)
  pg
  rails
  rails_12factor
  rubyretriever!
  sass-rails (~> 4.0.3)
  sdoc (~> 0.4.0)
  sidekiq!
  sinatra
  slim
  spring
  turbolinks
  typhoeus
  uglifier (>= 1.3.0)
